GIT
  remote: git://github.com/capistrano/chruby.git
  revision: f99cbff9a6aea0899944ee0d10785f45f2324aa9
  specs:
    capistrano-chruby (0.1.1)
      capistrano (~> 3.0)
      sshkit (~> 1.3)

GEM
  remote: http://rubygems.org/
  specs:
    capistrano (3.2.1)
      i18n
      rake (>= 10.0.0)
      sshkit (~> 1.3)
    capistrano-bundler (1.1.2)
      capistrano (~> 3.0)
      sshkit (~> 1.2)
    daemons (1.1.9)
    eventmachine (1.0.3)
    execjs (2.0.2)
    hike (1.2.3)
    i18n (0.6.9)
    json (1.8.1)
    multi_json (1.10.0)
    net-scp (1.2.1)
      net-ssh (>= 2.6.5)
    net-ssh (2.9.0)
    rack (1.5.2)
    rack-protection (1.5.3)
      rack
    rake (10.3.1)
    sass (3.3.7)
    sinatra (1.4.5)
      rack (~> 1.4)
      rack-protection (~> 1.4)
      tilt (~> 1.3, >= 1.3.4)
    sprockets (2.12.1)
      hike (~> 1.2)
      multi_json (~> 1.0)
      rack (~> 1.0)
      tilt (~> 1.1, != 1.3.0)
    sshkit (1.4.0)
      net-scp (>= 1.1.2)
      net-ssh (>= 2.8.0)
      term-ansicolor
    term-ansicolor (1.3.0)
      tins (~> 1.0)
    thin (1.6.2)
      daemons (>= 1.0.9)
      eventmachine (>= 1.0.0)
      rack (>= 1.0.0)
    tilt (1.4.1)
    tins (1.2.0)
    uglifier (2.5.0)
      execjs (>= 0.3.0)
      json (>= 1.8.0)
    yui-compressor (0.12.0)

PLATFORMS
  ruby

DEPENDENCIES
  capistrano (~> 3.0)
  capistrano-bundler
  capistrano-chruby!
  eventmachine (~> 1.0.3)
  rake
  sass
  sinatra
  sprockets (~> 2.0)
  thin
  uglifier
  yui-compressor
